GEM
  remote: http://rubygems.org/
  specs:
    rack (1.2.1)
    rake (0.8.7)

PLATFORMS
  ruby

DEPENDENCIES
  rack (~> 1.2.0)
  rake
